PATH
  remote: .
  specs:
    raingular (0.0.2)

GEM
  remote: https://rubygems.org/
  specs:
    rake (10.4.2)

PLATFORMS
  ruby

DEPENDENCIES
  bundler (~> 1.7)
  raingular!
  rake (~> 10.0)
